GEM
  remote: https://rubygems.org/
  specs:
    addressable (2.3.5)
    bitbucket_rest_api (0.1.5)
      faraday (~> 0.8.1)
      faraday_middleware (~> 0.9.0)
      hashie (~> 2.0.5)
      multi_json (~> 1.3)
      nokogiri (>= 1.5.2)
      simple_oauth
    faraday (0.8.8)
      multipart-post (~> 1.2.0)
    faraday_middleware (0.9.0)
      faraday (>= 0.7.4, < 0.9)
    gitlab (3.0.0)
      httparty
    hashie (2.0.5)
    highline (1.6.20)
    httparty (0.12.0)
      json (~> 1.8)
      multi_xml (>= 0.5.2)
    json (1.8.1)
    little-plugger (1.1.3)
    logging (1.8.1)
      little-plugger (>= 1.1.3)
      multi_json (>= 1.3.6)
    mini_portile (0.5.2)
    multi_json (1.8.2)
    multi_xml (0.5.5)
    multipart-post (1.2.0)
    nokogiri (1.6.0)
      mini_portile (~> 0.5.0)
    octokit (2.6.3)
      sawyer (~> 0.5.1)
    parseconfig (1.0.2)
    rake (10.1.0)
    sawyer (0.5.1)
      addressable (~> 2.3.5)
      faraday (~> 0.8, < 0.10)
    simple_oauth (0.2.0)
    thor (0.18.1)
    zlog (0.8)
      logging (~> 1.8.1)

PLATFORMS
  ruby

DEPENDENCIES
  bitbucket_rest_api (>= 0.1.5)
  gitlab
  highline
  octokit
  parseconfig
  rake
  thor
  zlog
