GEM
  remote: https://rubygems.org/
  specs:
    addressable (2.3.6)
    bitbucket_rest_api (0.1.5)
      faraday (~> 0.8.1)
      faraday_middleware (~> 0.9.0)
      hashie (~> 2.0.5)
      multi_json (~> 1.3)
      nokogiri (>= 1.5.2)
      simple_oauth
    faraday (0.8.9)
      multipart-post (~> 1.2.0)
    faraday_middleware (0.9.1)
      faraday (>= 0.7.4, < 0.10)
    gitlab (3.0.0)
      httparty
    hashie (2.0.5)
    highline (1.6.21)
    httparty (0.13.1)
      json (~> 1.8)
      multi_xml (>= 0.5.2)
    json (1.8.1)
    json (1.8.1-java)
    little-plugger (1.1.3)
    logging (1.8.2)
      little-plugger (>= 1.1.3)
      multi_json (>= 1.8.4)
    mini_portile (0.5.3)
    minitest (5.3.3)
    multi_json (1.10.0)
    multi_xml (0.5.5)
    multipart-post (1.2.0)
    nokogiri (1.6.2)
      mini_portile (~> 0.5.2)
    nokogiri (1.6.2-java)
    octokit (3.1.0)
      sawyer (~> 0.5.3)
    parseconfig (1.0.4)
    rake (10.3.1)
    sawyer (0.5.4)
      addressable (~> 2.3.5)
      faraday (~> 0.8, < 0.10)
    simple_oauth (0.2.0)
    simplecov (0.7.1)
      multi_json (~> 1.0)
      simplecov-html (~> 0.7.1)
    simplecov-html (0.7.1)
    thor (0.19.1)
    zlog (0.9.0)
      logging (~> 1.8.1)

PLATFORMS
  java
  ruby

DEPENDENCIES
  bitbucket_rest_api (>= 0.1.5)
  gitlab
  highline
  minitest
  octokit
  parseconfig
  rake
  simplecov (~> 0.7.1)
  thor
  zlog
